PATH
  remote: .
  specs:
    sidekiq-datadog-monitor (0.0.0.5)
      dogstatsd-ruby (>= 4.8.1)
      sidekiq (>= 2.2.1)
      sidekiq-scheduler (~> 3.0.1)

GEM
  remote: https://rubygems.org/
  specs:
    concurrent-ruby (1.1.7)
    connection_pool (2.2.3)
    diff-lcs (1.4.4)
    dogstatsd-ruby (4.8.1)
    e2mmap (0.1.0)
    et-orbi (1.2.4)
      tzinfo
    fugit (1.3.9)
      et-orbi (~> 1.1, >= 1.1.8)
      raabro (~> 1.3)
    raabro (1.4.0)
    rack (2.2.3)
    rake (13.0.1)
    redis (4.2.2)
    rspec (3.9.0)
      rspec-core (~> 3.9.0)
      rspec-expectations (~> 3.9.0)
      rspec-mocks (~> 3.9.0)
    rspec-core (3.9.2)
      rspec-support (~> 3.9.3)
    rspec-expectations (3.9.2)
      diff-lcs (>= 1.2.0, < 2.0)
      rspec-support (~> 3.9.0)
    rspec-mocks (3.9.1)
      diff-lcs (>= 1.2.0, < 2.0)
      rspec-support (~> 3.9.0)
    rspec-support (3.9.3)
    rufus-scheduler (3.6.0)
      fugit (~> 1.1, >= 1.1.6)
    sidekiq (6.1.2)
      connection_pool (>= 2.2.2)
      rack (~> 2.0)
      redis (>= 4.2.0)
    sidekiq-scheduler (3.0.1)
      e2mmap
      redis (>= 3, < 5)
      rufus-scheduler (~> 3.2)
      sidekiq (>= 3)
      thwait
      tilt (>= 1.4.0)
    thwait (0.2.0)
      e2mmap
    tilt (2.0.10)
    tzinfo (2.0.2)
      concurrent-ruby (~> 1.0)

PLATFORMS
  ruby

DEPENDENCIES
  bundler (~> 1.17)
  rake (~> 13.0)
  rspec (~> 3.0)
  sidekiq-datadog-monitor!

BUNDLED WITH
   1.17.3
