PATH
  remote: .
  specs:
    sidekiq-datadog-monitor (0.1.0)
      dogstatsd-ruby
      sidekiq (>= 2.2.1)

GEM
  remote: https://rubygems.org/
  specs:
    connection_pool (2.2.3)
    diff-lcs (1.4.4)
    dogstatsd-ruby (4.8.1)
    rack (2.2.3)
    rake (13.0.1)
    redis (4.2.1)
    rspec (3.9.0)
      rspec-core (~> 3.9.0)
      rspec-expectations (~> 3.9.0)
      rspec-mocks (~> 3.9.0)
    rspec-core (3.9.2)
      rspec-support (~> 3.9.3)
    rspec-expectations (3.9.2)
      diff-lcs (>= 1.2.0, < 2.0)
      rspec-support (~> 3.9.0)
    rspec-mocks (3.9.1)
      diff-lcs (>= 1.2.0, < 2.0)
      rspec-support (~> 3.9.0)
    rspec-support (3.9.3)
    sidekiq (6.1.1)
      connection_pool (>= 2.2.2)
      rack (~> 2.0)
      redis (>= 4.2.0)

PLATFORMS
  ruby

DEPENDENCIES
  bundler (~> 1.17)
  rake (~> 13.0)
  rspec (~> 3.0)
  sidekiq-datadog-monitor!

BUNDLED WITH
   1.17.3
