PATH
  remote: .
  specs:
    sidekiq-datadog-monitor (0.2.1)
      dogstatsd-ruby (>= 4.8.1)
      sidekiq (>= 2.2.1)
      sidekiq-scheduler (~> 3.0.1)

GEM
  remote: https://rubygems.org/
  remote: https://oss:fhv24QsMiVo3h9SWfrazGUQ6tuANB7Vz@gem.mutant.dev/
  specs:
    ast (2.4.2)
    coderay (1.1.3)
    concurrent-ruby (1.1.7)
    connection_pool (2.2.3)
    diff-lcs (1.4.4)
    dogstatsd-ruby (4.8.1)
    e2mmap (0.1.0)
    et-orbi (1.2.4)
      tzinfo
    fugit (1.4.0)
      et-orbi (~> 1.1, >= 1.1.8)
      raabro (~> 1.4)
    method_source (1.0.0)
    mutant (0.10.32)
      diff-lcs (~> 1.3)
      parser (~> 3.0.0)
      regexp_parser (~> 2.0, >= 2.0.3)
      unparser (~> 0.6.0)
    mutant-license (0.1.0)
    mutant-rspec (0.10.32)
      mutant (= 0.10.32)
      rspec-core (>= 3.8.0, < 4.0.0)
    parallel (1.19.2)
    parser (3.0.1.1)
      ast (~> 2.4.1)
    pry (0.13.1)
      coderay (~> 1.1)
      method_source (~> 1.0)
    raabro (1.4.0)
    rack (2.2.3)
    rainbow (3.0.0)
    rake (13.0.1)
    redis (4.2.2)
    regexp_parser (2.0.3)
    rexml (3.2.4)
    rspec (3.9.0)
      rspec-core (~> 3.9.0)
      rspec-expectations (~> 3.9.0)
      rspec-mocks (~> 3.9.0)
    rspec-core (3.9.2)
      rspec-support (~> 3.9.3)
    rspec-expectations (3.9.2)
      diff-lcs (>= 1.2.0, < 2.0)
      rspec-support (~> 3.9.0)
    rspec-mocks (3.9.1)
      diff-lcs (>= 1.2.0, < 2.0)
      rspec-support (~> 3.9.0)
    rspec-support (3.9.3)
    rubocop (0.85.1)
      parallel (~> 1.10)
      parser (>= 2.7.0.1)
      rainbow (>= 2.2.2, < 4.0)
      regexp_parser (>= 1.7)
      rexml
      rubocop-ast (>= 0.0.3)
      ruby-progressbar (~> 1.7)
      unicode-display_width (>= 1.4.0, < 2.0)
    rubocop-ast (0.8.0)
      parser (>= 2.7.1.5)
    rubocop-performance (1.7.1)
      rubocop (>= 0.82.0)
    rubocop-rspec (1.38.1)
      rubocop (>= 0.68.1)
    ruby-progressbar (1.10.1)
    rufus-scheduler (3.6.0)
      fugit (~> 1.1, >= 1.1.6)
    sidekiq (6.1.2)
      connection_pool (>= 2.2.2)
      rack (~> 2.0)
      redis (>= 4.2.0)
    sidekiq-scheduler (3.0.1)
      e2mmap
      redis (>= 3, < 5)
      rufus-scheduler (~> 3.2)
      sidekiq (>= 3)
      thwait
      tilt (>= 1.4.0)
    thwait (0.2.0)
      e2mmap
    tilt (2.0.10)
    tzinfo (2.0.2)
      concurrent-ruby (~> 1.0)
    unicode-display_width (1.7.0)
    unparser (0.6.0)
      diff-lcs (~> 1.3)
      parser (>= 3.0.0)

PLATFORMS
  ruby

DEPENDENCIES
  bundler (~> 1.17)
  mutant (~> 0.10.32)
  mutant-license (= 0.1.0)!
  mutant-rspec (~> 0.10.32)
  pry
  rake (~> 13.0)
  regexp_parser (~> 2.0.3)
  rspec (~> 3.0)
  rubocop (~> 0.85.0)
  rubocop-performance
  rubocop-rspec (~> 1.38.1)
  sidekiq-datadog-monitor!

BUNDLED WITH
   1.17.3
